GEM
  remote: https://rubygems.org/
  specs:
    bcrypt (3.1.16)
    ffi (1.15.5)
    multi_json (1.15.0)
    mustermann (1.1.1)
      ruby2_keywords (~> 0.0.1)
    nio4r (2.5.8)
    puma (5.6.2)
      nio4r (~> 2.0)
    rack (2.2.3)
    rack-protection (2.1.0)
      rack
    ruby2_keywords (0.0.5)
    rufo (0.13.0)
    sassc (2.4.0)
      ffi (~> 1.9)
    sinatra (2.1.0)
      mustermann (~> 1.0)
      rack (~> 2.2)
      rack-protection (= 2.1.0)
      tilt (~> 2.0)
    sinatra-contrib (2.1.0)
      multi_json
      mustermann (~> 1.0)
      rack-protection (= 2.1.0)
      sinatra (= 2.1.0)
      tilt (~> 2.0)
    sinatra-flash (0.3.0)
      sinatra (>= 1.0.0)
    slim (4.1.0)
      temple (>= 0.7.6, < 0.9)
      tilt (>= 2.0.6, < 2.1)
    sqlite3 (1.4.2)
    temple (0.8.2)
    tilt (2.0.10)

PLATFORMS
  ruby

DEPENDENCIES
  bcrypt (~> 3.1)
  puma (~> 5.6)
  rufo (~> 0.13.0)
  sassc (~> 2.4)
  sinatra (~> 2.1)
  sinatra-contrib (~> 2.1)
  sinatra-flash (~> 0.3.0)
  slim (~> 4.1)
  sqlite3 (~> 1.4)

BUNDLED WITH
   2.1.4
